GEM
  remote: https://rubygems.org/
  specs:
    sorbet (0.5.11287)
      sorbet-static (= 0.5.11287)
    sorbet-runtime (0.5.11287)
    sorbet-static (0.5.11287-aarch64-linux)
    sorbet-static-and-runtime (0.5.11287)
      sorbet (= 0.5.11287)
      sorbet-runtime (= 0.5.11287)

PLATFORMS
  ruby

DEPENDENCIES
  sorbet-runtime
  sorbet-static-and-runtime

BUNDLED WITH
   1.17.3
