GEM
  remote: https://rubygems.org/
  specs:
    sorbet (0.5.11219)
      sorbet-static (= 0.5.11219)
    sorbet-runtime (0.5.11219)
    sorbet-static (0.5.11219-universal-darwin)
    sorbet-static-and-runtime (0.5.11219)
      sorbet (= 0.5.11219)
      sorbet-runtime (= 0.5.11219)

PLATFORMS
  ruby

DEPENDENCIES
  sorbet-runtime
  sorbet-static-and-runtime

BUNDLED WITH
   1.17.3
