GEM
  remote: https://rubygems.org/
  specs:
    sorbet (0.5.10400)
      sorbet-static (= 0.5.10400)
    sorbet-runtime (0.5.10400)
    sorbet-static (0.5.10400-x86_64-linux)
    sorbet-static-and-runtime (0.5.10400)
      sorbet (= 0.5.10400)
      sorbet-runtime (= 0.5.10400)

PLATFORMS
  ruby

DEPENDENCIES
  sorbet-runtime
  sorbet-static-and-runtime

BUNDLED WITH
   1.17.3
