GEM
  remote: https://rubygems.org/
  specs:
    sorbet (0.5.10588)
      sorbet-static (= 0.5.10588)
    sorbet-runtime (0.5.10588)
    sorbet-static (0.5.10588-universal-darwin-14)
    sorbet-static-and-runtime (0.5.10588)
      sorbet (= 0.5.10588)
      sorbet-runtime (= 0.5.10588)

PLATFORMS
  ruby

DEPENDENCIES
  sorbet-runtime
  sorbet-static-and-runtime

BUNDLED WITH
   1.17.3
